GEM
  remote: https://rubygems.org/
  specs:
    minitest (5.20.0)
    rake (13.1.0)
    thor (1.3.0)
    zeitwerk (2.6.12)

PLATFORMS
  arm64-darwin-22
  ruby

DEPENDENCIES
  minitest
  rake
  thor
  zeitwerk

RUBY VERSION
   ruby 3.2.2p53

BUNDLED WITH
   2.4.22
